PATH
  remote: .
  specs:
    ofxbundler (0.1)
      faraday
      nokogiri
      rubyzip

GEM
  remote: https://rubygems.org/
  specs:
    addressable (2.2.7)
    faraday (0.7.6)
      addressable (~> 2.2)
      multipart-post (~> 1.1)
      rack (~> 1.1)
    multipart-post (1.1.5)
    nokogiri (1.5.2)
    rack (1.4.1)
    rubyzip (0.9.7)

PLATFORMS
  ruby

DEPENDENCIES
  faraday
  nokogiri
  ofxbundler!
  rubyzip
